PATH
  remote: .
  specs:
    open_id_authentication2 (2.0.0)
      version_gem (~> 1.1, >= 1.1.4)

GEM
  remote: https://rubygems.org/
  specs:
    byebug (11.1.3)
    version_gem (1.1.4)

PLATFORMS
  ruby

DEPENDENCIES
  byebug (>= 11)
  open_id_authentication2!

BUNDLED WITH
   2.4.22
